PATH
  remote: .
  specs:
    tora (0.0.5.pre.a)
      rack (~> 2.2)

GEM
  remote: https://rubygems.org/
  specs:
    coderay (1.1.3)
    method_source (1.0.0)
    minitest (5.16.3)
    pry (0.14.1)
      coderay (~> 1.1)
      method_source (~> 1.0)
    rack (2.2.4)
    rack-test (2.0.2)
      rack (>= 1.3)
    rake (13.0.6)

PLATFORMS
  arm64-darwin-21

DEPENDENCIES
  minitest (~> 5)
  pry
  rack-test (~> 2)
  rake (~> 13.0)
  tora!

BUNDLED WITH
   2.3.16
