PATH
  remote: .
  specs:
    tora (0.0.5)
      rack (~> 2.2)

GEM
  remote: https://rubygems.org/
  specs:
    minitest (5.16.3)
    rack (2.2.4)
    rack-test (2.0.2)
      rack (>= 1.3)
    rake (13.0.6)

PLATFORMS
  arm64-darwin-21

DEPENDENCIES
  minitest (~> 5)
  rack-test (~> 2)
  rake (~> 13.0)
  tora!

BUNDLED WITH
   2.3.16
